PATH
  remote: .
  specs:
    capital_git (0.4.0)
      json
      rugged
      sinatra

GEM
  remote: http://rubygems.org/
  specs:
    byebug (9.0.5)
    json (1.8.3)
    minitest (5.9.0)
    mustermann (1.1.1)
      ruby2_keywords (~> 0.0.1)
    rack (2.2.3)
    rack-protection (2.2.0)
      rack
    rack-test (0.6.2)
      rack (>= 1.0)
    rake (10.5.0)
    ruby2_keywords (0.0.5)
    rugged (0.24.0)
    shotgun (0.9.1)
      rack (>= 1.0)
    sinatra (2.2.0)
      mustermann (~> 1.0)
      rack (~> 2.2)
      rack-protection (= 2.2.0)
      tilt (~> 2.0)
    tilt (2.0.10)

PLATFORMS
  ruby

DEPENDENCIES
  bundler (~> 1.10)
  byebug
  capital_git!
  minitest
  rack-test
  rake (~> 10.0)
  shotgun

BUNDLED WITH
   1.14.5
