PATH
  remote: .
  specs:
    capital_git (0.4.0)
      json
      rugged
      sinatra

GEM
  remote: http://rubygems.org/
  specs:
    byebug (9.0.5)
    json (2.6.3)
    minitest (5.9.0)
    rack (1.6.10)
    rack-protection (1.5.5)
      rack
    rack-test (0.6.2)
      rack (>= 1.0)
    rake (10.5.0)
    rugged (0.24.0)
    shotgun (0.9.1)
      rack (>= 1.0)
    sinatra (1.4.7)
      rack (~> 1.5)
      rack-protection (~> 1.4)
      tilt (>= 1.3, < 3)
    tilt (2.0.5)

PLATFORMS
  ruby

DEPENDENCIES
  bundler (~> 1.10)
  byebug
  capital_git!
  minitest
  rack-test
  rake (~> 10.0)
  shotgun

BUNDLED WITH
   1.14.5
